GEM
  remote: http://rubygems.org/
  specs:
    git (1.2.5)
    hpricot (0.8.4)
    jeweler (1.6.2)
      bundler (~> 1.0)
      git (>= 1.2.5)
      rake
    rake (0.9.2)

PLATFORMS
  ruby

DEPENDENCIES
  bundler (~> 1.0.0)
  hpricot
  jeweler (~> 1.6.2)
